GIT
  remote: https://github.com/alexch/deck.rb.git
  revision: 74430a2ae4ae0e78deacaa059c789e7575f50232
  specs:
    deckrb (0.6.0)
      erector (>= 0.9.0)
      json
      nokogiri
      optimist (~> 3.0)
      rack (>= 1.4.1)
      redcarpet (~> 2)
      thin

GIT
  remote: https://github.com/alexch/rerun.git
  revision: dfe1532982e880c391629f9877b699fe06991762
  specs:
    rerun (0.13.1)
      listen (~> 3.0)

GIT
  remote: https://github.com/alexch/wrong.git
  revision: 9fae5b82b3704c7bbf61b36fb9015090511742bd
  specs:
    wrong (0.7.1)
      diff-lcs (~> 1.2.5)
      predicated (~> 0.2.6)
      ruby2ruby (>= 2.0.1)
      ruby_parser (>= 3.0.1)
      sexp_processor (>= 4.0)

GEM
  remote: https://rubygems.org/
  specs:
    activesupport (6.0.1)
      concurrent-ruby (~> 1.0, >= 1.0.2)
      i18n (>= 0.7, < 2)
      minitest (~> 5.1)
      tzinfo (~> 1.1)
      zeitwerk (~> 2.2)
    awesome_print (1.8.0)
    backports (3.15.0)
    barnes (0.0.7)
      multi_json (~> 1)
      statsd-ruby (~> 1.1)
    chronic (0.10.2)
    coderay (1.1.2)
    colored (1.2)
    concurrent-ruby (1.1.5)
    daemons (1.3.1)
    diff-lcs (1.2.5)
    erector (0.10.0)
      treetop (>= 1.2.3)
    eventmachine (1.2.7)
    ffi (1.11.1)
    files (0.4.0)
    i18n (1.7.0)
      concurrent-ruby (~> 1.0)
    json (2.2.0)
    listen (3.2.0)
      rb-fsevent (~> 0.10, >= 0.10.3)
      rb-inotify (~> 0.9, >= 0.9.10)
    method_source (0.9.2)
    mini_portile2 (2.4.0)
    minitest (5.13.0)
    multi_json (1.13.1)
    mustermann (1.0.3)
    newrelic_rpm (3.18.1.330)
    nio4r (2.5.2)
    nokogiri (1.10.8)
      mini_portile2 (~> 2.4.0)
    oj (3.10.2)
    optimist (3.0.0)
    polyglot (0.3.5)
    predicated (0.2.6)
    pry (0.12.2)
      coderay (~> 1.1.0)
      method_source (~> 0.9.0)
    puma (4.3.0)
      nio4r (~> 2.0)
    rack (2.0.8)
    rack-cache (1.10.0)
      rack (>= 0.4)
    rack-protection (2.0.7)
      rack
    rack-rewrite (1.5.1)
    rack-ssl (1.4.1)
      rack
    rake (13.0.1)
    rake-notes (0.2.2)
      colored
      rake
    rb-fsevent (0.10.3)
    rb-inotify (0.10.0)
      ffi (~> 1.0)
    redcarpet (2.3.0)
    rollbar (2.23.2)
    rspec (3.9.0)
      rspec-core (~> 3.9.0)
      rspec-expectations (~> 3.9.0)
      rspec-mocks (~> 3.9.0)
    rspec-core (3.9.0)
      rspec-support (~> 3.9.0)
    rspec-expectations (3.9.0)
      diff-lcs (>= 1.2.0, < 2.0)
      rspec-support (~> 3.9.0)
    rspec-mocks (3.9.0)
      diff-lcs (>= 1.2.0, < 2.0)
      rspec-support (~> 3.9.0)
    rspec-support (3.9.0)
    ruby2ruby (2.4.4)
      ruby_parser (~> 3.1)
      sexp_processor (~> 4.6)
    ruby_parser (3.14.0)
      sexp_processor (~> 4.9)
    sass (3.7.4)
      sass-listen (~> 4.0.0)
    sass-listen (4.0.0)
      rb-fsevent (~> 0.9, >= 0.9.4)
      rb-inotify (~> 0.9, >= 0.9.7)
    sexp_processor (4.13.0)
    sinatra (2.0.7)
      mustermann (~> 1.0)
      rack (~> 2.0)
      rack-protection (= 2.0.7)
      tilt (~> 2.0)
    sinatra-contrib (2.0.7)
      backports (>= 2.8.2)
      multi_json
      mustermann (~> 1.0)
      rack-protection (= 2.0.7)
      sinatra (= 2.0.7)
      tilt (~> 2.0)
    statsd-ruby (1.4.0)
    thin (1.7.2)
      daemons (~> 1.0, >= 1.0.9)
      eventmachine (~> 1.0, >= 1.0.4)
      rack (>= 1, < 3)
    thread_safe (0.3.6)
    tilt (2.0.9)
    treetop (1.6.10)
      polyglot (~> 0.3)
    tzinfo (1.2.5)
      thread_safe (~> 0.1)
    zeitwerk (2.2.1)

PLATFORMS
  ruby

DEPENDENCIES
  activesupport (~> 6.0)
  awesome_print (~> 1.8)
  barnes (~> 0.0.7)
  chronic (~> 0.10.2)
  deckrb!
  erector (>= 0.9.0)
  files (~> 0.4.0)
  json (~> 2.2)
  listen (~> 3.1)
  newrelic_rpm (~> 3.15, >= 3.15.2.317)
  nokogiri (~> 1.7)
  oj (~> 3.9)
  pry (~> 0.12.2)
  puma (~> 4.0)
  rack-cache (~> 1.10.0)
  rack-rewrite (~> 1.5)
  rack-ssl (~> 1.4)
  rake (~> 13.0)
  rake-notes (~> 0.2)
  redcarpet (~> 2.3)
  rerun!
  rollbar (~> 2.22)
  rspec (~> 3.8)
  sass (~> 3.7.4)
  sinatra (~> 2.0.1)
  sinatra-contrib (~> 2.0)
  wrong!

RUBY VERSION
   ruby 2.5.5p157

BUNDLED WITH
   2.0.2
