GIT
  remote: https://github.com/alexch/deck.rb.git
  revision: 7e651c8b4f0c60f0972733848c1d6a4baa669178
  specs:
    deckrb (0.5.2)
      coderay
      erector (>= 0.9.0)
      json
      nokogiri
      rack (>= 1.4.1)
      rack-codehighlighter
      redcarpet (~> 2)
      thin
      trollop

GIT
  remote: https://github.com/alexch/rerun.git
  revision: bd5ba839774e615183af7b611e85d475830f6d4f
  specs:
    rerun (0.13.0)
      listen (~> 3.0)

GIT
  remote: https://github.com/alexch/wrong.git
  revision: 9fae5b82b3704c7bbf61b36fb9015090511742bd
  specs:
    wrong (0.7.1)
      diff-lcs (~> 1.2.5)
      predicated (~> 0.2.6)
      ruby2ruby (>= 2.0.1)
      ruby_parser (>= 3.0.1)
      sexp_processor (>= 4.0)

GEM
  remote: https://rubygems.org/
  specs:
    activesupport (5.1.4)
      concurrent-ruby (~> 1.0, >= 1.0.2)
      i18n (~> 0.7)
      minitest (~> 5.1)
      tzinfo (~> 1.1)
    awesome_print (1.8.0)
    chronic (0.10.2)
    coderay (1.1.2)
    concurrent-ruby (1.0.5)
    daemons (1.2.6)
    diff-lcs (1.2.5)
    erector (0.10.0)
      treetop (>= 1.2.3)
    eventmachine (1.2.5)
    eventmachine (1.2.5-x86-mingw32)
    ffi (1.9.21)
    ffi (1.9.21-x86-mingw32)
    files (0.3.1)
    i18n (0.9.3)
      concurrent-ruby (~> 1.0)
    json (1.8.6)
    listen (3.1.5)
      rb-fsevent (~> 0.9, >= 0.9.4)
      rb-inotify (~> 0.9, >= 0.9.7)
      ruby_dep (~> 1.2)
    mini_portile2 (2.3.0)
    minitest (5.11.3)
    mustermann (1.0.2)
    nokogiri (1.8.2)
      mini_portile2 (~> 2.3.0)
    nokogiri (1.8.2-x86-mingw32)
      mini_portile2 (~> 2.3.0)
    polyglot (0.3.5)
    predicated (0.2.6)
    rack (2.0.3)
    rack-codehighlighter (0.6.0)
      nokogiri (>= 1.4.1)
      rack (>= 2.0.0)
    rack-protection (2.0.1)
      rack
    rack-rewrite (1.5.1)
    rake (12.3.0)
    rb-fsevent (0.10.2)
    rb-inotify (0.9.10)
      ffi (>= 0.5.0, < 2)
    redcarpet (2.3.0)
    rspec (3.7.0)
      rspec-core (~> 3.7.0)
      rspec-expectations (~> 3.7.0)
      rspec-mocks (~> 3.7.0)
    rspec-core (3.7.1)
      rspec-support (~> 3.7.0)
    rspec-expectations (3.7.0)
      diff-lcs (>= 1.2.0, < 2.0)
      rspec-support (~> 3.7.0)
    rspec-mocks (3.7.0)
      diff-lcs (>= 1.2.0, < 2.0)
      rspec-support (~> 3.7.0)
    rspec-support (3.7.1)
    ruby2ruby (2.4.0)
      ruby_parser (~> 3.1)
      sexp_processor (~> 4.6)
    ruby_dep (1.5.0)
    ruby_parser (3.10.1)
      sexp_processor (~> 4.9)
    sass (3.5.5)
      sass-listen (~> 4.0.0)
    sass-listen (4.0.0)
      rb-fsevent (~> 0.9, >= 0.9.4)
      rb-inotify (~> 0.9, >= 0.9.7)
    sexp_processor (4.10.0)
    sinatra (2.0.1)
      mustermann (~> 1.0)
      rack (~> 2.0)
      rack-protection (= 2.0.1)
      tilt (~> 2.0)
    thin (1.7.2)
      daemons (~> 1.0, >= 1.0.9)
      eventmachine (~> 1.0, >= 1.0.4)
      rack (>= 1, < 3)
    thread_safe (0.3.6)
    tilt (2.0.8)
    treetop (1.6.9)
      polyglot (~> 0.3)
    trollop (2.1.2)
    tzinfo (1.2.4)
      thread_safe (~> 0.1)

PLATFORMS
  ruby
  x86-mingw32

DEPENDENCIES
  activesupport
  awesome_print
  chronic
  coderay
  deckrb!
  erector (>= 0.9.0)
  files
  json (~> 1.8)
  listen
  nokogiri (~> 1.7)
  rack-codehighlighter
  rack-rewrite (~> 1.5)
  rake (>= 10.0.1)
  rerun!
  rspec
  sass (~> 3.5.0)
  sinatra (~> 2.0.1)
  thin
  wrong!

RUBY VERSION
   ruby 2.3.3p222

BUNDLED WITH
   1.16.1
